GEM
  remote: http://rubygems.org/
  specs:
    gelf (3.0.0)
      json
    json (2.1.0)
    mustermann (1.0.1)
    rack (2.0.3)
    rack-protection (2.0.0)
      rack
    sinatra (2.0.0)
      mustermann (~> 1.0)
      rack (~> 2.0)
      rack-protection (= 2.0.0)
      tilt (~> 2.0)
    tilt (2.0.8)

PLATFORMS
  ruby

DEPENDENCIES
  gelf
  sinatra

BUNDLED WITH
   1.15.4
